PATH
  remote: .
  specs:
    momoka (1.0.0)
      dotenv

GEM
  remote: https://rubygems.org/
  specs:
    dotenv (2.8.1)

PLATFORMS
  arm64-darwin-22

DEPENDENCIES
  momoka!

BUNDLED WITH
   2.4.0.dev
